PATH
  remote: .
  specs:
    monophase (0.1.0)
      jekyll (~> 3.9)
      jekyll-feed (~> 0.15)
      jekyll-paginate (~> 1.1)
      jekyll-seo-tag (~> 2.7)
      kramdown-parser-gfm (~> 1.1)

GEM
  remote: https://rubygems.org/
  specs:
    addressable (2.8.7)
      public_suffix (>= 2.0.2, < 7.0)
    colorator (1.1.0)
    concurrent-ruby (1.3.5)
    csv (3.3.2)
    em-websocket (0.5.3)
      eventmachine (>= 0.12.9)
      http_parser.rb (~> 0)
    eventmachine (1.2.7)
    ffi (1.17.1)
    ffi (1.17.1-aarch64-linux-gnu)
    ffi (1.17.1-aarch64-linux-musl)
    ffi (1.17.1-arm-linux-gnu)
    ffi (1.17.1-arm-linux-musl)
    ffi (1.17.1-arm64-darwin)
    ffi (1.17.1-x64-mingw-ucrt)
    ffi (1.17.1-x86-linux-gnu)
    ffi (1.17.1-x86-linux-musl)
    ffi (1.17.1-x86_64-darwin)
    ffi (1.17.1-x86_64-linux-gnu)
    ffi (1.17.1-x86_64-linux-musl)
    forwardable-extended (2.6.0)
    google-protobuf (3.25.6)
    google-protobuf (3.25.6-aarch64-linux)
    google-protobuf (3.25.6-arm64-darwin)
    google-protobuf (3.25.6-x64-mingw-ucrt)
    google-protobuf (3.25.6-x86-linux)
    google-protobuf (3.25.6-x86_64-darwin)
    google-protobuf (3.25.6-x86_64-linux)
    http_parser.rb (0.8.0)
    i18n (1.14.7)
      concurrent-ruby (~> 1.0)
    jekyll (3.10.0)
      addressable (~> 2.4)
      colorator (~> 1.0)
      csv (~> 3.0)
      em-websocket (~> 0.5)
      i18n (>= 0.7, < 2)
      jekyll-sass-converter (~> 1.0)
      jekyll-watch (~> 2.0)
      kramdown (>= 1.17, < 3)
      liquid (~> 4.0)
      mercenary (~> 0.3.3)
      pathutil (~> 0.9)
      rouge (>= 1.7, < 4)
      safe_yaml (~> 1.0)
      webrick (>= 1.0)
    jekyll-feed (0.17.0)
      jekyll (>= 3.7, < 5.0)
    jekyll-paginate (1.1.0)
    jekyll-remote-theme (0.4.3)
      addressable (~> 2.0)
      jekyll (>= 3.5, < 5.0)
      jekyll-sass-converter (>= 1.0, <= 3.0.0, != 2.0.0)
      rubyzip (>= 1.3.0, < 3.0)
    jekyll-sass-converter (1.5.2)
      sass (~> 3.4)
    jekyll-seo-tag (2.8.0)
      jekyll (>= 3.8, < 5.0)
    jekyll-watch (2.2.1)
      listen (~> 3.0)
    kramdown (2.5.1)
      rexml (>= 3.3.9)
    kramdown-parser-gfm (1.1.0)
      kramdown (~> 2.0)
    liquid (4.0.4)
    listen (3.9.0)
      rb-fsevent (~> 0.10, >= 0.10.3)
      rb-inotify (~> 0.9, >= 0.9.10)
    mercenary (0.3.6)
    minima (2.5.2)
      jekyll (>= 3.5, < 5.0)
      jekyll-feed (~> 0.9)
      jekyll-seo-tag (~> 2.1)
    pathutil (0.16.2)
      forwardable-extended (~> 2.6)
    public_suffix (6.0.1)
    rb-fsevent (0.11.2)
    rb-inotify (0.11.1)
      ffi (~> 1.0)
    rexml (3.4.1)
    rouge (3.30.0)
    rubyzip (2.4.1)
    safe_yaml (1.0.5)
    sass (3.7.4)
      sass-listen (~> 4.0.0)
    sass-embedded (1.62.1-aarch64-linux-android)
      google-protobuf (~> 3.21)
    sass-embedded (1.62.1-aarch64-linux-gnu)
      google-protobuf (~> 3.21)
    sass-embedded (1.62.1-aarch64-linux-musl)
      google-protobuf (~> 3.21)
    sass-embedded (1.62.1-arm-linux-androideabi)
      google-protobuf (~> 3.21)
    sass-embedded (1.62.1-arm-linux-gnueabihf)
      google-protobuf (~> 3.21)
    sass-embedded (1.62.1-arm-linux-musleabihf)
      google-protobuf (~> 3.21)
    sass-embedded (1.62.1-arm64-darwin)
      google-protobuf (~> 3.21)
    sass-embedded (1.62.1-x64-mingw-ucrt)
      google-protobuf (~> 3.21)
    sass-embedded (1.62.1-x86-linux-android)
      google-protobuf (~> 3.21)
    sass-embedded (1.62.1-x86-linux-gnu)
      google-protobuf (~> 3.21)
    sass-embedded (1.62.1-x86-linux-musl)
      google-protobuf (~> 3.21)
    sass-embedded (1.62.1-x86_64-darwin)
      google-protobuf (~> 3.21)
    sass-embedded (1.62.1-x86_64-linux-android)
      google-protobuf (~> 3.21)
    sass-embedded (1.62.1-x86_64-linux-gnu)
      google-protobuf (~> 3.21)
    sass-embedded (1.62.1-x86_64-linux-musl)
      google-protobuf (~> 3.21)
    sass-listen (4.0.0)
      rb-fsevent (~> 0.9, >= 0.9.4)
      rb-inotify (~> 0.9, >= 0.9.7)
    tzinfo (2.0.6)
      concurrent-ruby (~> 1.0)
    tzinfo-data (1.2025.1)
      tzinfo (>= 1.0.0)
    wdm (0.2.0)
    webrick (1.9.1)

PLATFORMS
  aarch64-linux
  aarch64-linux-android
  aarch64-linux-gnu
  aarch64-linux-musl
  arm-linux-androideabi
  arm-linux-gnu
  arm-linux-gnueabihf
  arm-linux-musl
  arm-linux-musleabihf
  arm64-darwin
  x64-mingw-ucrt
  x86-linux
  x86-linux-android
  x86-linux-gnu
  x86-linux-musl
  x86_64-darwin
  x86_64-linux
  x86_64-linux-android
  x86_64-linux-gnu
  x86_64-linux-musl

DEPENDENCIES
  http_parser.rb (~> 0.6.0)
  jekyll (~> 3.9)
  jekyll-feed (~> 0.12)
  jekyll-paginate
  jekyll-remote-theme
  jekyll-seo-tag
  minima (~> 2.5)
  monophase!
  sass-embedded (~> 1.62.1)
  tzinfo (>= 1, < 3)
  tzinfo-data
  wdm (~> 0.1)

BUNDLED WITH
   2.6.5
